PATH
  remote: .
  specs:
    ecs_helper (0.0.39)
      aws-sdk-ecr (~> 1.42, >= 1.42)
      aws-sdk-ecrpublic (~> 1.3, >= 1.3)
      aws-sdk-ecs (~> 1.80, >= 1.80)
      aws-sdk-ssm (~> 1.0.0.rc7)
      colorize (~> 0.8, >= 0.8)
      json (~> 2.5, >= 2.5)
      rexml (~> 3.2.5)
      terrapin (~> 1.1, >= 1.1)

GEM
  remote: https://rubygems.org/
  specs:
    addressable (2.8.7)
      public_suffix (>= 2.0.2, < 7.0)
    ast (2.4.3)
    awesome_print (1.9.2)
    aws-eventstream (1.3.2)
    aws-partitions (1.1107.0)
    aws-sdk-core (3.224.0)
      aws-eventstream (~> 1, >= 1.3.0)
      aws-partitions (~> 1, >= 1.992.0)
      aws-sigv4 (~> 1.9)
      base64
      jmespath (~> 1, >= 1.6.1)
      logger
    aws-sdk-ecr (1.102.0)
      aws-sdk-core (~> 3, >= 3.216.0)
      aws-sigv4 (~> 1.5)
    aws-sdk-ecrpublic (1.50.0)
      aws-sdk-core (~> 3, >= 3.216.0)
      aws-sigv4 (~> 1.5)
    aws-sdk-ecs (1.192.0)
      aws-sdk-core (~> 3, >= 3.216.0)
      aws-sigv4 (~> 1.5)
    aws-sdk-ssm (1.0.0)
      aws-sdk-core (~> 3)
      aws-sigv4 (~> 1.0)
    aws-sigv4 (1.11.0)
      aws-eventstream (~> 1, >= 1.0.2)
    base64 (0.2.0)
    bigdecimal (3.1.9)
    bump (0.10.0)
    byebug (11.1.3)
    climate_control (1.2.0)
    coderay (1.1.3)
    colorize (0.8.1)
    crack (1.0.0)
      bigdecimal
      rexml
    hashdiff (1.2.0)
    jmespath (1.6.2)
    json (2.12.2)
    language_server-protocol (3.17.0.5)
    lint_roller (1.1.0)
    logger (1.7.0)
    method_source (1.1.0)
    minitest (5.25.5)
    minitest-power_assert (0.3.1)
      minitest
      power_assert (>= 1.1)
    mocha (2.7.1)
      ruby2_keywords (>= 0.0.5)
    parallel (1.27.0)
    parser (3.3.8.0)
      ast (~> 2.4.1)
      racc
    power_assert (2.0.5)
    prism (1.4.0)
    pry (0.15.2)
      coderay (~> 1.1)
      method_source (~> 1.0)
    pry-byebug (3.8.0)
      byebug (~> 11.0)
      pry (~> 0.10)
    pry-inline (1.0.7)
      pry (> 0.10.0)
      unicode (~> 0.4.4)
    public_suffix (6.0.2)
    racc (1.8.1)
    rainbow (3.1.1)
    rake (13.2.1)
    regexp_parser (2.10.0)
    rexml (3.2.9)
      strscan
    rubocop (1.75.7)
      json (~> 2.3)
      language_server-protocol (~> 3.17.0.2)
      lint_roller (~> 1.1.0)
      parallel (~> 1.10)
      parser (>= 3.3.0.2)
      rainbow (>= 2.2.2, < 4.0)
      regexp_parser (>= 2.9.3, < 3.0)
      rubocop-ast (>= 1.44.0, < 2.0)
      ruby-progressbar (~> 1.7)
      unicode-display_width (>= 2.4.0, < 4.0)
    rubocop-ast (1.44.1)
      parser (>= 3.3.7.2)
      prism (~> 1.4)
    rubocop-minitest (0.38.0)
      lint_roller (~> 1.1)
      rubocop (>= 1.75.0, < 2.0)
      rubocop-ast (>= 1.38.0, < 2.0)
    ruby-progressbar (1.13.0)
    ruby2_keywords (0.0.5)
    strscan (3.1.5)
    terrapin (1.1.0)
      climate_control
    unicode (0.4.4.5)
    unicode-display_width (3.1.4)
      unicode-emoji (~> 4.0, >= 4.0.4)
    unicode-emoji (4.0.4)
    webmock (3.25.1)
      addressable (>= 2.8.0)
      crack (>= 0.3.2)
      hashdiff (>= 0.4.0, < 2.0.0)

PLATFORMS
  aarch64-linux
  arm64-darwin-21
  arm64-darwin-22
  x86_64-darwin-18
  x86_64-linux

DEPENDENCIES
  awesome_print
  bump
  bundler (~> 2.2)
  ecs_helper!
  minitest
  minitest-power_assert
  mocha
  pry
  pry-byebug
  pry-inline
  rake
  rubocop
  rubocop-minitest
  webmock

BUNDLED WITH
   2.2.27
